PATH
  remote: ../
  specs:
    RX100M2 (0.1.0)

GEM
  specs:

PLATFORMS
  ruby

DEPENDENCIES
  RX100M2!

BUNDLED WITH
   1.12.5
